GEM
  remote: https://rubygems.org/
  specs:
    mini_portile2 (2.4.0)
    nokogiri (1.10.7)
      mini_portile2 (~> 2.4.0)
    os (1.0.1)

PLATFORMS
  ruby

DEPENDENCIES
  nokogiri!
  os!

BUNDLED WITH
   1.17.2
