GEM
  remote: https://rubygems.org/
  specs:
    mini_portile2 (2.4.0)
    nokogiri (1.10.8)
      mini_portile2 (~> 2.4.0)
    os (1.0.1)

PLATFORMS
  ruby

DEPENDENCIES
  nokogiri
  os

RUBY VERSION
   ruby 2.6.5p114

BUNDLED WITH
   1.17.2
