GEM
  remote: https://rubygems.org/
  specs:
    mini_portile2 (2.8.0)
    nokogiri (1.13.5)
      mini_portile2 (~> 2.8.0)
      racc (~> 1.4)
    os (1.0.1)
    racc (1.6.0)

PLATFORMS
  ruby

DEPENDENCIES
  nokogiri
  os

RUBY VERSION
   ruby 2.6.5p114

BUNDLED WITH
   1.17.2
